GEM
  remote: http://rubygems.org/
  specs:
    haml (3.0.25)
    rack-rewrite (1.0.2)

PLATFORMS
  ruby

DEPENDENCIES
  haml
  rack-rewrite
