GEM
  remote: http://rubygems.org/
  specs:
    builder (3.0.0)
    haml (3.1.1)
    rack (1.2.2)
    rack-rewrite (1.0.2)
    rdiscount (1.6.8)
    sass (3.1.1)
    toto (0.4.9)
      builder
      rack
      rdiscount

PLATFORMS
  ruby

DEPENDENCIES
  haml
  rack
  rack-rewrite
  sass
  toto
